PATH
  remote: .
  specs:
    vitobotta-resque-pool (0.3.0.dev)
      rake
      resque (~> 1.13)
      trollop (~> 1.16)

GEM
  remote: http://rubygems.org/
  specs:
    aruba (0.3.2)
      childprocess (~> 0.1.6)
      cucumber (~> 0.10.0)
      rspec (~> 2.3.0)
    builder (3.0.0)
    childprocess (0.1.7)
      ffi (~> 0.6.3)
    cucumber (0.10.0)
      builder (>= 2.1.2)
      diff-lcs (~> 1.1.2)
      gherkin (~> 2.3.2)
      json (~> 1.4.6)
      term-ansicolor (~> 1.0.5)
    diff-lcs (1.1.2)
    ffi (0.6.3)
      rake (>= 0.8.7)
    gherkin (2.3.3)
      json (~> 1.4.6)
    json (1.4.6)
    rack (1.3.0)
    rake (0.8.7)
    redis (2.2.1)
    redis-namespace (1.0.3)
      redis (< 3.0.0)
    resque (1.17.1)
      json (>= 1.4.6, < 1.6)
      redis-namespace (~> 1.0.2)
      sinatra (>= 0.9.2)
      vegas (~> 0.1.2)
    rspec (2.3.0)
      rspec-core (~> 2.3.0)
      rspec-expectations (~> 2.3.0)
      rspec-mocks (~> 2.3.0)
    rspec-core (2.3.1)
    rspec-expectations (2.3.0)
      diff-lcs (~> 1.1.2)
    rspec-mocks (2.3.0)
    sinatra (1.2.6)
      rack (~> 1.1)
      tilt (>= 1.2.2, < 2.0)
    term-ansicolor (1.0.5)
    tilt (1.3.2)
    trollop (1.16.2)
    vegas (0.1.8)
      rack (>= 1.0.0)

PLATFORMS
  ruby

DEPENDENCIES
  aruba (~> 0.3.2)
  bundler (~> 1.0)
  cucumber (~> 0.10.0)
  rspec (~> 2.3.0)
  vitobotta-resque-pool!
